GIT
  remote: https://github.com/andreiiagodka/codebreaker_gem.git
  revision: 665781666dd3697fe34d7c07de1ca09abf6f6af0
  specs:
    codebreaker (0.1.0)

GEM
  remote: https://rubygems.org/
  specs:
    concurrent-ruby (1.1.4)
    i18n (1.5.2)
      concurrent-ruby (~> 1.0)
    rack (2.0.6)
    terminal-table (1.8.0)
      unicode-display_width (~> 1.1, >= 1.1.1)
    unicode-display_width (1.4.1)

PLATFORMS
  ruby

DEPENDENCIES
  codebreaker!
  i18n
  rack
  terminal-table

BUNDLED WITH
   1.17.3
